PATH
  remote: .
  specs:
    universalid (0.1.0)
      globalid (>= 1.1)

GEM
  remote: https://rubygems.org/
  specs:
    activemodel (7.0.4.3)
      activesupport (= 7.0.4.3)
    activerecord (7.0.4.3)
      activemodel (= 7.0.4.3)
      activesupport (= 7.0.4.3)
    activesupport (7.0.4.3)
      concurrent-ruby (~> 1.0, >= 1.0.2)
      i18n (>= 1.6, < 2)
      minitest (>= 5.1)
      tzinfo (~> 2.0)
    ansi (1.5.0)
    ast (2.4.2)
    builder (3.2.4)
    byebug (11.1.3)
    coderay (1.1.3)
    cogger (0.6.0)
      pastel (~> 0.8)
      refinements (~> 10.0)
      zeitwerk (~> 2.6)
    concurrent-ruby (1.2.2)
    core (0.1.2)
    dry-container (0.11.0)
      concurrent-ruby (~> 1.0)
    dry-core (1.0.0)
      concurrent-ruby (~> 1.0)
      zeitwerk (~> 2.6)
    dry-monads (1.6.0)
      concurrent-ruby (~> 1.0)
      dry-core (~> 1.0, < 2)
      zeitwerk (~> 2.6)
    faker (3.1.1)
      i18n (>= 1.8.11, < 2)
    globalid (1.1.0)
      activesupport (>= 5.0)
    i18n (1.12.0)
      concurrent-ruby (~> 1.0)
    infusible (1.0.2)
      marameters (~> 1.0)
      zeitwerk (~> 2.6)
    json (2.6.3)
    language_server-protocol (3.17.0.3)
    magic_frozen_string_literal (1.2.0)
    marameters (1.0.3)
      refinements (~> 10.0)
      zeitwerk (~> 2.6)
    method_source (1.0.0)
    minitest (5.18.0)
    minitest-reporters (1.6.0)
      ansi
      builder
      minitest (>= 5.0)
      ruby-progressbar
    parallel (1.22.1)
    parser (3.2.1.1)
      ast (~> 2.4.1)
    pastel (0.8.0)
      tty-color (~> 0.5)
    pry (0.14.2)
      coderay (~> 1.1)
      method_source (~> 1.0)
    pry-byebug (3.10.1)
      byebug (~> 11.0)
      pry (>= 0.13, < 0.15)
    pry-doc (1.4.0)
      pry (~> 0.11)
      yard (~> 0.9.11)
    rainbow (3.1.1)
    rake (13.0.6)
    refinements (10.1.0)
    regexp_parser (2.7.0)
    rexml (3.2.5)
    rubocop (1.48.1)
      json (~> 2.3)
      parallel (~> 1.10)
      parser (>= 3.2.0.0)
      rainbow (>= 2.2.2, < 4.0)
      regexp_parser (>= 1.8, < 3.0)
      rexml (>= 3.2.5, < 4.0)
      rubocop-ast (>= 1.26.0, < 2.0)
      ruby-progressbar (~> 1.7)
      unicode-display_width (>= 2.4.0, < 3.0)
    rubocop-ast (1.28.0)
      parser (>= 3.2.1.0)
    rubocop-performance (1.16.0)
      rubocop (>= 1.7.0, < 2.0)
      rubocop-ast (>= 0.4.0)
    ruby-progressbar (1.13.0)
    runcom (9.0.2)
      refinements (~> 10.0)
      xdg (~> 7.0)
      zeitwerk (~> 2.6)
    sequel (5.66.0)
    spek (1.0.2)
      dry-monads (~> 1.6)
      refinements (~> 10.0)
      versionaire (~> 11.0)
      zeitwerk (~> 2.6)
    sqlite3 (1.6.2-arm64-darwin)
    standard (1.25.3)
      language_server-protocol (~> 3.17.0.2)
      rubocop (~> 1.48.1)
      rubocop-performance (~> 1.16.0)
    tocer (15.1.2)
      cogger (~> 0.5)
      core (~> 0.1)
      dry-container (~> 0.11)
      infusible (~> 1.0)
      refinements (~> 10.0)
      runcom (~> 9.0)
      spek (~> 1.0)
      zeitwerk (~> 2.6)
    tty-color (0.6.0)
    tzinfo (2.0.6)
      concurrent-ruby (~> 1.0)
    unicode-display_width (2.4.2)
    versionaire (11.0.2)
      refinements (~> 10.0)
    webrick (1.7.0)
    xdg (7.0.2)
    yard (0.9.28)
      webrick (~> 1.7.0)
    zeitwerk (2.6.7)

PLATFORMS
  arm64-darwin-22

DEPENDENCIES
  activerecord
  activesupport
  faker
  magic_frozen_string_literal
  minitest-reporters
  pry-byebug
  pry-doc
  rake
  sequel
  sqlite3
  standard
  tocer
  universalid!

BUNDLED WITH
   2.4.6
